GEM
  remote: https://rubygems.org/
  specs:
    byebug (11.1.3)

PLATFORMS
  ruby

DEPENDENCIES
  byebug (~> 11.1)

BUNDLED WITH
   1.17.3
